PATH
  remote: .
  specs:
    docusign_api (0.1.2)
      curb (< 1.0)

GEM
  remote: https://rubygems.org/
  specs:
    addressable (2.7.0)
      public_suffix (>= 2.0.2, < 5.0)
    crack (0.4.3)
      safe_yaml (~> 1.0.0)
    curb (0.9.10)
    hashdiff (0.4.0)
    metaclass (0.0.4)
    minitest (5.8.4)
    mocha (1.1.0)
      metaclass (~> 0.0.1)
    public_suffix (4.0.4)
    rake (12.3.3)
    safe_yaml (1.0.5)
    webmock (3.8.3)
      addressable (>= 2.3.6)
      crack (>= 0.3.2)
      hashdiff (>= 0.4.0, < 2.0.0)

PLATFORMS
  ruby

DEPENDENCIES
  docusign_api!
  minitest (~> 5.8)
  mocha (~> 1.1)
  rake (~> 12.3)
  webmock (~> 3.8)

BUNDLED WITH
   1.17.3
